GEM
  remote: https://rubygems.org/
  specs:
    metaclass (0.0.4)
    mocha (1.1.0)
      metaclass (~> 0.0.1)
    timecop (0.8.0)

PLATFORMS
  ruby

DEPENDENCIES
  mocha
  timecop

BUNDLED WITH
   2.1.4
